GEM
  remote: https://rubygems.org/
  specs:
    terminal-table (2.0.0)
      unicode-display_width (~> 1.1, >= 1.1.1)
    unicode-display_width (1.7.0)

PLATFORMS
  ruby

DEPENDENCIES
  terminal-table

BUNDLED WITH
   1.16.6
